GEM
  remote: https://rubygems.org/
  specs:
    bcrypt (3.1.16)
    mustermann (1.1.1)
      ruby2_keywords (~> 0.0.1)
    rack (2.2.3)
    rack-protection (2.1.0)
      rack
    ruby2_keywords (0.0.5)
    sinatra (2.1.0)
      mustermann (~> 1.0)
      rack (~> 2.2)
      rack-protection (= 2.1.0)
      tilt (~> 2.0)
    slim (4.1.0)
      temple (>= 0.7.6, < 0.9)
      tilt (>= 2.0.6, < 2.1)
    sqlite3 (1.4.2)
    temple (0.8.2)
    tilt (2.0.10)
    webrick (1.7.0)

PLATFORMS
  arm64-darwin-20

DEPENDENCIES
  bcrypt
  sinatra
  slim
  sqlite3
  webrick

BUNDLED WITH
   2.2.22
